GEM
  remote: http://rubygems.org/
  specs:
    ParseTree (3.0.5)
      RubyInline (>= 3.7.0)
      sexp_processor (>= 3.0.0)
    RubyInline (3.8.4)
      ZenTest
    ZenTest (4.3.3)
    activemodel (3.0.0.rc)
      activesupport (= 3.0.0.rc)
      builder (~> 2.1.2)
      i18n (~> 0.4.1)
    activesupport (3.0.0.rc)
    bson (1.0.4)
    bson_ext (1.0.4)
    builder (2.1.2)
    cinch (1.0.1)
    factory_girl (1.3.2)
    heckle (1.4.3)
      ParseTree (>= 2.0.0)
      ZenTest (>= 3.5.2)
      ruby2ruby (>= 1.1.6)
    i18n (0.4.1)
    json (1.4.6)
    mongo (1.0.6)
      bson (>= 1.0.4)
    mongoid (2.0.0.beta.15)
      activemodel (= 3.0.0.rc)
      bson (= 1.0.4)
      mongo (= 1.0.6)
      tzinfo (= 0.3.22)
      will_paginate (~> 3.0.pre)
    rake (0.8.7)
    rspec (1.3.0)
    ruby2ruby (1.2.4)
      ruby_parser (~> 2.0)
      sexp_processor (~> 3.0)
    ruby_parser (2.0.4)
      sexp_processor (~> 3.0)
    sexp_processor (3.0.4)
    tzinfo (0.3.22)
    will_paginate (3.0.pre2)

PLATFORMS
  ruby

DEPENDENCIES
  bson_ext
  cinch (= 1.0.1)
  factory_girl
  heckle
  json
  mongoid (= 2.0.0.beta.15)
  rake
  rspec
